GIT
  remote: git://github.com/guard/guard-spork.git
  revision: bb25f86a394e8639fef73ff659dd624b7e18556c
  specs:
    guard-spork (1.5.1)
      childprocess (>= 0.2.3)
      guard (>= 1.1)
      spork (>= 0.8.4)

GIT
  remote: git://github.com/sporkrb/spork-rails.git
  revision: 3224f84d8c31fcb0894e9a43f6c3ac67e3aa0d71
  specs:
    spork-rails (3.2.1)
      rails (>= 3.0.0, < 5)
      spork (>= 1.0rc0)

GIT
  remote: git://github.com/tmm1/perftools.rb.git
  revision: deb2947468a800908c3660faf683862e77f6e38b
  specs:
    perftools.rb (2.0.1)

GIT
  remote: https://github.com/nacengineer/honey_badger.git
  revision: 3d2af1cf7bf330c63aceb1f58d3f7b882d1df773
  branch: rails-4
  specs:
    honey_badger (0.0.4)

GIT
  remote: https://github.com/thomas-mcdonald/bootstrap-sass.git
  revision: 571ba865e1cd01f583c5949446803b9f2cd21926
  branch: 3
  specs:
    bootstrap-sass (3.0.0.0)
      sass (~> 3.2)

GIT
  remote: https://github.com/tommeier/database_cleaner
  revision: 5ea0718c75af5bbfdde545b4abba6bf9516ea555
  branch: fix-superclass
  specs:
    database_cleaner (1.1.1)

GEM
  remote: http://rubygems.org/
  specs:
    actionmailer (4.0.0)
      actionpack (= 4.0.0)
      mail (~> 2.5.3)
    actionpack (4.0.0)
      activesupport (= 4.0.0)
      builder (~> 3.1.0)
      erubis (~> 2.7.0)
      rack (~> 1.5.2)
      rack-test (~> 0.6.2)
    actionpack-action_caching (1.0.0)
      actionpack (>= 4.0.0.beta, < 5.0)
    actionpack-page_caching (1.0.0)
      actionpack (>= 4.0.0.beta, < 5.0)
    activemodel (4.0.0)
      activesupport (= 4.0.0)
      builder (~> 3.1.0)
    activerecord (4.0.0)
      activemodel (= 4.0.0)
      activerecord-deprecated_finders (~> 1.0.2)
      activesupport (= 4.0.0)
      arel (~> 4.0.0)
    activerecord-deprecated_finders (1.0.3)
    activesupport (4.0.0)
      i18n (~> 0.6, >= 0.6.4)
      minitest (~> 4.2)
      multi_json (~> 1.3)
      thread_safe (~> 0.1)
      tzinfo (~> 0.3.37)
    annotate (2.5.0)
      rake
    ansi (1.4.3)
    arel (4.0.0)
    atomic (1.1.13)
    awesome_print (1.1.0)
    better_errors (0.9.0)
      coderay (>= 1.0.0)
      erubis (>= 2.6.6)
    binding_of_caller (0.7.2)
      debug_inspector (>= 0.0.1)
    bootstrap-will_paginate (0.0.9)
      will_paginate
    brakeman (2.1.1)
      erubis (~> 2.6)
      fastercsv (~> 1.5)
      haml (>= 3.0, < 5.0)
      highline (~> 1.6.19)
      multi_json (~> 1.2)
      ruby2ruby (~> 2.0.5)
      ruby_parser (~> 3.2.2)
      sass (~> 3.0)
      slim (>= 1.3.6, < 3.0)
      terminal-table (~> 1.4)
    breadcrumbs_on_rails (2.3.0)
    builder (3.1.4)
    capistrano (2.15.5)
      highline
      net-scp (>= 1.0.0)
      net-sftp (>= 2.0.0)
      net-ssh (>= 2.0.14)
      net-ssh-gateway (>= 1.1.0)
    capistrano-ext (1.2.1)
      capistrano (>= 1.0.0)
    capistrano_colors (0.5.5)
    capybara (2.1.0)
      mime-types (>= 1.16)
      nokogiri (>= 1.3.3)
      rack (>= 1.0.0)
      rack-test (>= 0.5.4)
      xpath (~> 2.0)
    charlock_holmes (0.6.9.4)
    childprocess (0.3.9)
      ffi (~> 1.0, >= 1.0.11)
    chunky_png (1.2.8)
    coderay (1.0.9)
    coffee-rails (4.0.0)
      coffee-script (>= 2.2.0)
      railties (>= 4.0.0.beta, < 5.0)
    coffee-script (2.2.0)
      coffee-script-source
      execjs
    coffee-script-source (1.6.3)
    compass (0.12.2)
      chunky_png (~> 1.2)
      fssm (>= 0.2.7)
      sass (~> 3.1)
    compass-rails (2.0.alpha.0)
      compass (>= 0.12.2, < 0.14)
    dalli (2.6.4)
    debug_inspector (0.0.2)
    diff-lcs (1.2.4)
    em-websocket (0.5.0)
      eventmachine (>= 0.12.9)
      http_parser.rb (~> 0.5.3)
    erubis (2.7.0)
    escape_utils (0.2.4)
    eventmachine (1.0.3)
    execjs (2.0.0)
    factory_girl (4.2.0)
      activesupport (>= 3.0.0)
    factory_girl_rails (4.2.1)
      factory_girl (~> 4.2.0)
      railties (>= 3.0.0)
    fastercsv (1.5.5)
    ffi (1.9.0)
    font-awesome-rails (3.2.1.3)
      railties (>= 3.2, < 5.0)
    forgery (0.5.0)
    formatador (0.2.4)
    fssm (0.2.10)
    fuubar (1.2.1)
      rspec (~> 2.0)
      rspec-instafail (~> 0.2.0)
      ruby-progressbar (~> 1.0)
    github-linguist (2.3.4)
      charlock_holmes (~> 0.6.6)
      escape_utils (~> 0.2.3)
      mime-types (~> 1.19)
      pygments.rb (>= 0.2.13)
    github-markup (0.7.5)
    guard (1.8.2)
      formatador (>= 0.2.4)
      listen (>= 1.0.0)
      lumberjack (>= 1.0.2)
      pry (>= 0.9.10)
      thor (>= 0.14.6)
    guard-brakeman (0.7.1)
      brakeman (>= 1.8.2)
      guard (>= 1.1.0)
    guard-bundler (1.0.0)
      bundler (~> 1.0)
      guard (~> 1.1)
    guard-coffeescript (1.3.2)
      coffee-script (>= 2.2.0)
      guard (>= 1.1.0)
    guard-livereload (1.4.0)
      em-websocket (>= 0.5.0)
      guard (>= 1.8.0)
      multi_json (~> 1.7)
    guard-rspec (3.0.2)
      guard (>= 1.8)
      rspec (~> 2.13)
    haml (4.0.3)
      tilt
    haml-rails (0.4)
      actionpack (>= 3.1, < 4.1)
      activesupport (>= 3.1, < 4.1)
      haml (>= 3.1, < 4.1)
      railties (>= 3.1, < 4.1)
    highline (1.6.19)
    hike (1.2.3)
    hirb (0.7.1)
    hodel_3000_compliant_logger (0.1.1)
    http_parser.rb (0.5.3)
    httparty (0.11.0)
      multi_json (~> 1.0)
      multi_xml (>= 0.5.2)
    i18n (0.6.5)
    jquery-rails (3.0.4)
      railties (>= 3.0, < 5.0)
      thor (>= 0.14, < 2.0)
    jquery-ui-rails (4.0.4)
      jquery-rails
      railties (>= 3.1.0)
    jquery-ui-themes (0.0.11)
      httparty
    kgio (2.8.0)
    listen (1.3.0)
      rb-fsevent (>= 0.9.3)
      rb-inotify (>= 0.9)
      rb-kqueue (>= 0.2)
    lumberjack (1.0.4)
    mail (2.5.4)
      mime-types (~> 1.16)
      treetop (~> 1.4.8)
    manic_monkey (0.0.2)
    method_source (0.8.2)
    mime-types (1.24)
    mini_portile (0.5.1)
    minitest (4.7.5)
    multi_json (1.7.9)
    multi_xml (0.5.5)
    net-scp (1.1.2)
      net-ssh (>= 2.6.5)
    net-sftp (2.1.2)
      net-ssh (>= 2.6.5)
    net-ssh (2.6.8)
    net-ssh-gateway (1.2.0)
      net-ssh (>= 2.6.5)
    nokogiri (1.6.0)
      mini_portile (~> 0.5.0)
    oink (0.10.1)
      activerecord
      hodel_3000_compliant_logger
    open4 (1.3.0)
    polyglot (0.3.3)
    posix-spawn (0.3.6)
    protected_attributes (1.0.3)
      activemodel (>= 4.0.0, < 5.0)
    pry (0.9.12.2)
      coderay (~> 1.0.5)
      method_source (~> 0.8)
      slop (~> 3.4)
    puma (2.5.1)
      rack (>= 1.1, < 2.0)
    pygments.rb (0.5.2)
      posix-spawn (~> 0.3.6)
      yajl-ruby (~> 1.1.0)
    rack (1.5.2)
    rack-mini-profiler (0.1.29)
      rack (>= 1.1.3)
    rack-perftools_profiler (0.6.1)
      open4 (~> 1.0)
      perftools.rb (~> 2.0.1)
      rack (~> 1.0)
    rack-test (0.6.2)
      rack (>= 1.0)
    rails (4.0.0)
      actionmailer (= 4.0.0)
      actionpack (= 4.0.0)
      activerecord (= 4.0.0)
      activesupport (= 4.0.0)
      bundler (>= 1.3.0, < 2.0)
      railties (= 4.0.0)
      sprockets-rails (~> 2.0.0)
    rails-bootstrap-markdown (0.0.2)
    rails-observers (0.1.2)
      activemodel (~> 4.0)
    rails3-generators (1.0.0)
      railties (>= 3.0.0)
    railties (4.0.0)
      actionpack (= 4.0.0)
      activesupport (= 4.0.0)
      rake (>= 0.8.7)
      thor (>= 0.18.1, < 2.0)
    raindrops (0.11.0)
    rake (10.1.0)
    rb-fsevent (0.9.3)
    rb-inotify (0.9.1)
      ffi (>= 0.5.0)
    rb-kqueue (0.2.0)
      ffi (>= 0.5.0)
    redcarpet (3.0.0)
    rspec (2.14.1)
      rspec-core (~> 2.14.0)
      rspec-expectations (~> 2.14.0)
      rspec-mocks (~> 2.14.0)
    rspec-core (2.14.5)
    rspec-expectations (2.14.2)
      diff-lcs (>= 1.1.3, < 2.0)
    rspec-instafail (0.2.4)
    rspec-mocks (2.14.3)
    rspec-rails (2.14.0)
      actionpack (>= 3.0)
      activesupport (>= 3.0)
      railties (>= 3.0)
      rspec-core (~> 2.14.0)
      rspec-expectations (~> 2.14.0)
      rspec-mocks (~> 2.14.0)
    ruby-prof (0.13.0)
    ruby-progressbar (1.2.0)
    ruby2ruby (2.0.6)
      ruby_parser (~> 3.1)
      sexp_processor (~> 4.0)
    ruby_cowsay (0.1.1)
    ruby_parser (3.2.2)
      sexp_processor (~> 4.1)
    rvm (1.11.3.8)
    rvm-capistrano (1.4.4)
      capistrano (>= 2.15.4)
    sass (3.2.10)
    sass-rails (4.0.0)
      railties (>= 4.0.0.beta, < 5.0)
      sass (>= 3.1.10)
      sprockets-rails (~> 2.0.0)
    sexp_processor (4.3.0)
    sextant (0.2.4)
      rails (>= 3.2)
    simple_form (3.0.0.rc)
      actionpack (>= 4.0.0.rc1, < 4.1)
      activemodel (>= 4.0.0.rc1, < 4.1)
    simplecov (0.7.1)
      multi_json (~> 1.0)
      simplecov-html (~> 0.7.1)
    simplecov-html (0.7.1)
    slim (2.0.1)
      temple (~> 0.6.6)
      tilt (>= 1.3.3, < 2.1)
    slop (3.4.6)
    spork (1.0.0rc3)
    sprockets (2.10.0)
      hike (~> 1.2)
      multi_json (~> 1.0)
      rack (~> 1.0)
      tilt (~> 1.1, != 1.3.0)
    sprockets-rails (2.0.0)
      actionpack (>= 3.0)
      activesupport (>= 3.0)
      sprockets (~> 2.8)
    sqlite3 (1.3.8)
    temple (0.6.6)
    terminal-table (1.4.5)
    thor (0.18.1)
    thread_safe (0.1.2)
      atomic
    tilt (1.4.1)
    tinymce-rails (4.0.2)
      railties (>= 3.1.1)
    treetop (1.4.15)
      polyglot
      polyglot (>= 0.3.1)
    turn (0.9.6)
      ansi
    tzinfo (0.3.37)
    uglifier (1.0.4)
      execjs (>= 0.3.0)
      multi_json (>= 1.0.2)
    unicorn (4.6.3)
      kgio (~> 2.6)
      rack
      raindrops (~> 0.7)
    will_paginate (3.0.4)
    xpath (2.0.0)
      nokogiri (~> 1.3)
    yajl-ruby (1.1.0)
    yui-compressor (0.11.0)

PLATFORMS
  ruby

DEPENDENCIES
  actionpack (~> 4.0.0)
  actionpack-action_caching
  actionpack-page_caching
  annotate
  awesome_print
  better_errors
  binding_of_caller
  bootstrap-sass!
  bootstrap-will_paginate
  breadcrumbs_on_rails
  capistrano
  capistrano-ext
  capistrano_colors
  capybara
  coffee-rails (~> 4.0.0)
  compass-rails (~> 2.0.alpha.0)
  dalli
  database_cleaner!
  factory_girl_rails
  font-awesome-rails
  forgery
  fuubar
  github-linguist (~> 2.3.4)
  github-markup (~> 0.7.4)
  guard
  guard-brakeman
  guard-bundler
  guard-coffeescript
  guard-livereload
  guard-rspec
  guard-spork!
  haml
  haml-rails
  hirb
  honey_badger!
  jquery-rails
  jquery-ui-rails
  jquery-ui-themes
  manic_monkey (~> 0.0.2)
  nokogiri
  oink
  perftools.rb!
  protected_attributes
  pry
  puma
  pygments.rb
  rack-mini-profiler
  rack-perftools_profiler
  rails (~> 4.0.0)
  rails-bootstrap-markdown
  rails-observers
  rails3-generators
  rb-fsevent (~> 0.9.1)
  redcarpet
  rspec
  rspec-rails (~> 2.0)
  ruby-prof
  ruby_cowsay
  rvm
  rvm-capistrano
  sass-rails (~> 4.0.0)
  sextant
  simple_form (~> 3.0.0.rc)
  simplecov
  spork-rails!
  sqlite3
  tinymce-rails
  turn
  uglifier (~> 1.0.3)
  unicorn
  yui-compressor
